GEM
  remote: http://rubygems.org/
  specs:
    activesupport (3.0.5)
    coderay (1.0.8)
    diff-lcs (1.1.3)
    growl (1.0.3)
    guard (1.6.2)
      listen (>= 0.6.0)
      lumberjack (>= 1.0.2)
      pry (>= 0.9.10)
      terminal-table (>= 1.4.3)
      thor (>= 0.14.6)
    guard-rspec (2.4.0)
      guard (>= 1.1)
      rspec (~> 2.11)
    i18n (0.5.0)
    listen (0.7.2)
    lumberjack (1.0.2)
    method_source (0.8.1)
    nestful (0.0.6)
      activesupport (>= 3.0.0.beta)
    nokogiri (1.5.6)
    nokogiri (1.5.6-x86-mingw32)
    pry (0.9.11.4)
      coderay (~> 1.0.5)
      method_source (~> 0.8)
      slop (~> 3.4)
    rake (10.0.3)
    rb-fsevent (0.9.3)
    rspec (2.12.0)
      rspec-core (~> 2.12.0)
      rspec-expectations (~> 2.12.0)
      rspec-mocks (~> 2.12.0)
    rspec-core (2.12.2)
    rspec-expectations (2.12.1)
      diff-lcs (~> 1.1.3)
    rspec-mocks (2.12.2)
    slop (3.4.3)
    terminal-table (1.4.5)
    thor (0.17.0)

PLATFORMS
  ruby
  x86-mingw32

DEPENDENCIES
  growl
  guard
  guard-rspec
  i18n
  nestful (>= 0.0.6)
  nokogiri (>= 1.4.4.1)
  rake
  rb-fsevent
  rspec
