PATH
  remote: .
  specs:
    esendex (0.3.0)
      nestful (>= 0.0.7)
      nokogiri (>= 1.4.4.1)

GEM
  remote: http://rubygems.org/
  specs:
    actionmailer (3.2.12)
      actionpack (= 3.2.12)
      mail (~> 2.4.4)
    actionpack (3.2.12)
      activemodel (= 3.2.12)
      activesupport (= 3.2.12)
      builder (~> 3.0.0)
      erubis (~> 2.7.0)
      journey (~> 1.0.4)
      rack (~> 1.4.5)
      rack-cache (~> 1.2)
      rack-test (~> 0.6.1)
      sprockets (~> 2.2.1)
    activemodel (3.2.12)
      activesupport (= 3.2.12)
      builder (~> 3.0.0)
    activerecord (3.2.12)
      activemodel (= 3.2.12)
      activesupport (= 3.2.12)
      arel (~> 3.0.2)
      tzinfo (~> 0.3.29)
    activeresource (3.2.12)
      activemodel (= 3.2.12)
      activesupport (= 3.2.12)
    activesupport (3.2.12)
      i18n (~> 0.6)
      multi_json (~> 1.0)
    arel (3.0.2)
    builder (3.0.4)
    coderay (1.0.9)
    diff-lcs (1.2.1)
    erubis (2.7.0)
    ffi (1.4.0)
    ffi (1.4.0-x86-mingw32)
    growl (1.0.3)
    guard (1.6.2)
      listen (>= 0.6.0)
      lumberjack (>= 1.0.2)
      pry (>= 0.9.10)
      terminal-table (>= 1.4.3)
      thor (>= 0.14.6)
    guard-rspec (2.4.1)
      guard (>= 1.1)
      rspec (~> 2.11)
    hike (1.2.1)
    i18n (0.6.2)
    journey (1.0.4)
    json (1.7.7)
    listen (0.7.3)
    lumberjack (1.0.2)
    mail (2.4.4)
      i18n (>= 0.4.0)
      mime-types (~> 1.16)
      treetop (~> 1.4.8)
    method_source (0.8.1)
    mime-types (1.21)
    multi_json (1.6.1)
    nestful (0.0.8)
      activesupport (>= 3.0.0.beta)
    nokogiri (1.5.6)
    nokogiri (1.5.6-x86-mingw32)
    polyglot (0.3.3)
    pry (0.9.12)
      coderay (~> 1.0.5)
      method_source (~> 0.8)
      slop (~> 3.4)
    pry (0.9.12-x86-mingw32)
      coderay (~> 1.0.5)
      method_source (~> 0.8)
      slop (~> 3.4)
      win32console (~> 1.3)
    rack (1.4.5)
    rack-cache (1.2)
      rack (>= 0.4)
    rack-ssl (1.3.3)
      rack
    rack-test (0.6.2)
      rack (>= 1.0)
    rails (3.2.12)
      actionmailer (= 3.2.12)
      actionpack (= 3.2.12)
      activerecord (= 3.2.12)
      activeresource (= 3.2.12)
      activesupport (= 3.2.12)
      bundler (~> 1.0)
      railties (= 3.2.12)
    railties (3.2.12)
      actionpack (= 3.2.12)
      activesupport (= 3.2.12)
      rack-ssl (~> 1.3.2)
      rake (>= 0.8.7)
      rdoc (~> 3.4)
      thor (>= 0.14.6, < 2.0)
    rake (10.0.3)
    rb-fsevent (0.9.3)
    rb-inotify (0.9.0)
      ffi (>= 0.5.0)
    rdoc (3.12.2)
      json (~> 1.4)
    rspec (2.13.0)
      rspec-core (~> 2.13.0)
      rspec-expectations (~> 2.13.0)
      rspec-mocks (~> 2.13.0)
    rspec-core (2.13.0)
    rspec-expectations (2.13.0)
      diff-lcs (>= 1.1.3, < 2.0)
    rspec-mocks (2.13.0)
    rspec-rails (2.13.0)
      actionpack (>= 3.0)
      activesupport (>= 3.0)
      railties (>= 3.0)
      rspec-core (~> 2.13.0)
      rspec-expectations (~> 2.13.0)
      rspec-mocks (~> 2.13.0)
    slop (3.4.3)
    sprockets (2.2.2)
      hike (~> 1.2)
      multi_json (~> 1.0)
      rack (~> 1.0)
      tilt (~> 1.1, != 1.3.0)
    terminal-table (1.4.5)
    thor (0.17.0)
    tilt (1.3.3)
    treetop (1.4.12)
      polyglot
      polyglot (>= 0.3.1)
    tzinfo (0.3.35)
    wdm (0.0.3)
    win32console (1.3.2-x86-mingw32)

PLATFORMS
  ruby
  x86-mingw32

DEPENDENCIES
  esendex!
  growl
  guard
  guard-rspec
  rails (~> 3.2.12)
  rake
  rb-fsevent
  rb-inotify
  rspec
  rspec-rails
  wdm (<= 0.0.3)
